GEM
  remote: http://rubygems.org/
  specs:
    activerecord (2.3.14)
      activesupport (= 2.3.14)
    activesupport (2.3.14)
    git (1.2.5)
    jeweler (1.6.4)
      bundler (~> 1.0)
      git (>= 1.2.5)
      rake
    rake (0.9.2.2)
    sqlite3 (1.3.5)
    validates_email_format_of (1.4.7)

PLATFORMS
  ruby

DEPENDENCIES
  activerecord (= 2.3.14)
  activesupport (= 2.3.14)
  bundler (~> 1.0.0)
  jeweler (~> 1.6.0)
  sqlite3
  validates_email_format_of (~> 1.4.0)
